GIT
  remote: git://github.com/TechnoGate/parseconfig.git
  revision: cbd2dd7175c777de72933a3c6a71451d9d346da1
  specs:
    parseconfig (0.6.0)

GEM
  remote: http://rubygems.org/
  specs:
    activemodel (3.0.3)
      activesupport (= 3.0.3)
      builder (~> 2.1.2)
      i18n (~> 0.4)
    activerecord (3.0.3)
      activemodel (= 3.0.3)
      activesupport (= 3.0.3)
      arel (~> 2.0.2)
      tzinfo (~> 0.3.23)
    activesupport (3.0.3)
    arel (2.0.7)
    builder (2.1.2)
    i18n (0.5.0)
    mysql (2.8.1)
    rake (0.8.7)
    standalone_migrations (0.3.0)
      activerecord
      rake
    tzinfo (0.3.24)

PLATFORMS
  ruby

DEPENDENCIES
  activerecord
  mysql
  parseconfig!
  standalone_migrations
